PATH
  remote: .
  specs:
    mrproper (0.0.4)

GEM
  remote: http://rubygems.org/
  specs:
    rake (10.0.2)

PLATFORMS
  ruby

DEPENDENCIES
  mrproper!
  rake
